GIT
  remote: /home/christian/src/vagrant
  revision: 95d313c817177744e2d6dd12ba37d89dc7a4f96c
  ref: 95d313c
  specs:
    vagrant (1.0.6.dev)
      archive-tar-minitar (= 0.5.2)
      childprocess (~> 0.3.1)
      erubis (~> 2.7.0)
      i18n (~> 0.6.0)
      json (~> 1.5.1)
      log4r (~> 1.1.9)
      net-scp (~> 1.0.4)
      net-ssh (~> 2.2.2)

GEM
  remote: http://rubygems.org/
  specs:
    archive-tar-minitar (0.5.2)
    bouncy-castle-java (1.5.0146.1)
    childprocess (0.3.6)
      ffi (~> 1.0, >= 1.0.6)
    diff-lcs (1.1.3)
    erubis (2.7.0)
    ffi (1.1.5-java)
    i18n (0.6.1)
    jenkins-plugin (0.2.0)
    jenkins-plugin-runtime (0.1.27)
      json
      slop (~> 3.0.2)
    jenkins-war (1.475)
    jpi (0.3.3)
      bundler (~> 1.1.rc2)
      jenkins-plugin-runtime (~> 0.1.13)
      jenkins-war (>= 1.427)
      rubyzip
      thor
    jruby-openssl (0.7.7)
      bouncy-castle-java (>= 1.5.0146.1)
    json (1.5.4)
    json (1.5.4-java)
    log4r (1.1.10)
    net-scp (1.0.4)
      net-ssh (>= 1.99.1)
    net-ssh (2.2.2)
    rake (0.9.2.2)
    rspec (2.11.0)
      rspec-core (~> 2.11.0)
      rspec-expectations (~> 2.11.0)
      rspec-mocks (~> 2.11.0)
    rspec-core (2.11.1)
    rspec-expectations (2.11.3)
      diff-lcs (~> 1.1.3)
    rspec-mocks (2.11.3)
    rubyzip (0.9.9)
    slop (3.0.4)
    thor (0.16.0)

PLATFORMS
  java

DEPENDENCIES
  jenkins-plugin (~> 0.2.0)
  jenkins-plugin-runtime
  jpi
  jruby-openssl
  rake
  rspec
  vagrant!
